NUGET
  remote: https://nuget.org/api/v2
  specs:
    FAKE (3.23.0)
    Foq (1.7) - content: none
    FSharp.Compiler.Service (0.0.86)
    FSharp.Core (3.1.2.1)
    FSharp.Formatting (2.7.5)
      FSharp.Compiler.Service (>= 0.0.82)
      FSharpVSPowerTools.Core (>= 1.7.0)
    FSharpVSPowerTools.Core (1.7.0)
      FSharp.Compiler.Service (>= 0.0.81)
    FSharpx.Collections (1.10.1)
      FSharp.Core (>= 3.1.2.1)
    FsUnit (1.3.0.1)
      NUnit (>= 2.6.3)
    NUnit (2.6.3)
    NUnit.Runners (2.6.4)
    SimpleInjector (2.7.3)
    Unquote (2.2.2)
    Yaaf.AdvancedBuilding (0.5.3)
      FAKE (3.23.0)
      FSharp.Compiler.Service (0.0.86)
      FSharp.Formatting (2.7.5)
      FSharpVSPowerTools.Core (1.7.0)
    Yaaf.DependencyInjection (1.1.0)
      FSharp.Core (>= 3.1.2.1)
    Yaaf.DependencyInjection.SimpleInjector (1.1.3)
      FSharp.Core (>= 3.1.2.1)
      SimpleInjector (>= 2.7.2)
      Yaaf.DependencyInjection (>= 1.1.0)
    Yaaf.FSharp.Helper (0.1.5)
      FSharp.Core (>= 3.1.2.1)
      FSharpx.Collections (>= 1.10.1)
      Yaaf.Logging (>= 1.0.1)
      Yaaf.Portable.Text.Encoding (>= 0.7.0)
    Yaaf.Logging (1.0.1)
    Yaaf.Portable.Text.Encoding (0.7.0.0)
    Yaaf.Sasl (1.0.2)
      FSharp.Core (>= 3.1.2.1)
    Yaaf.Xmpp.Runtime (0.0.7)
      FSharp.Core (>= 3.1.2.1)
      Yaaf.DependencyInjection (>= 1.1.0)
      Yaaf.DependencyInjection.SimpleInjector (>= 1.1.3)
      Yaaf.FSharp.Helper (>= 0.1.5)
      Yaaf.Sasl (>= 1.0.1)
    Yaaf.Xmpp.ServiceDiscovery (0.0.1)
      FSharp.Core (>= 3.1.2.1)
      Yaaf.DependencyInjection (>= 1.1.0)
      Yaaf.FSharp.Helper (>= 0.1.3)
      Yaaf.Xmpp.Runtime (>= 0.0.2)
GITHUB
  remote: matthid/Yaaf.FSharp.Helper
  specs:
    src/test/Test.Yaaf.FSharp.Helper/MyTestClass.fs (6ea18edb63d1763cb6fe8c612b7b51727337119c)
  remote: matthid/Yaaf.Xmpp.Runtime
  specs:
    src/test/Test.Yaaf.Xmpp.Runtime/TestHelper.fs (269ade3a662a962e43110d69eab8eeec51ea8685)