NUGET
  remote: https://nuget.org/api/v2
  specs:
    FAKE (3.17.14)
    Foq (1.6)
    FSharp.Compiler.Service (0.0.85)
    FSharp.Core (3.1.2.1)
    FSharp.Formatting (2.6.3)
      FSharp.Compiler.Service (>= 0.0.81)
    FSharpx.Collections (1.10.1)
      FSharp.Core (>= 3.1.2.1)
    FsUnit (1.3.0.1)
      NUnit (>= 2.6.3)
    NUnit (2.6.3)
    NUnit.Runners (2.6.4)
    SimpleInjector (2.7.2)
    Unquote (2.2.2)
    Yaaf.AdvancedBuilding (0.3.1)
      FAKE (>= 3.17.13)
      FSharp.Compiler.Service (>= 0.0.82)
      FSharp.Formatting (>= 2.6.3)
    Yaaf.DependencyInjection (1.1.0)
      FSharp.Core (>= 3.1.2.1)
    Yaaf.DependencyInjection.SimpleInjector (1.1.3)
      FSharp.Core (>= 3.1.2.1)
      SimpleInjector (>= 2.7.2)
      Yaaf.DependencyInjection (>= 1.1.0)
    Yaaf.FSharp.Helper (0.1.4)
      FSharp.Core (>= 3.1.2.1)
      FSharpx.Collections (>= 1.10.1)
      Yaaf.Logging (>= 1.0.1)
      Yaaf.Portable.Text.Encoding (>= 0.7.0)
    Yaaf.Logging (1.0.1)
    Yaaf.Portable.Text.Encoding (0.7.0.0)
    Yaaf.Sasl (1.0.1)
      FSharp.Core (>= 3.1.2.1)
    Yaaf.Xmpp.Runtime (0.0.2)
      FSharp.Core (>= 3.1.2.1)
      Yaaf.DependencyInjection (>= 1.1.0)
      Yaaf.DependencyInjection.SimpleInjector (>= 1.1.3)
      Yaaf.FSharp.Helper (>= 0.1.3)
      Yaaf.Sasl (>= 1.0.0)
    Yaaf.Xmpp.ServiceDiscovery (0.0.1)
      FSharp.Core (>= 3.1.2.1)
      Yaaf.DependencyInjection (>= 1.1.0)
      Yaaf.FSharp.Helper (>= 0.1.3)
      Yaaf.Xmpp.Runtime (>= 0.0.2)
GITHUB
  remote: matthid/Yaaf.FSharp.Helper
  specs:
    src/test/Test.Yaaf.FSharp.Helper/MyTestClass.fs (29898fb7665dd50da4b994f0b6a0b626a09164d5)
  remote: matthid/Yaaf.Xmpp.Runtime
  specs:
    src/test/Test.Yaaf.Xmpp.Runtime/TestHelper.fs (8860bab0c2e48a12da961bee3fa41b3704fe017c)